GIT
  remote: git://github.com/blambeau/polygon
  revision: 9e92d077830d2066a14d93546e4cd266b3fe973c
  specs:
    polygon (0.10.1)
      alf-core (~> 0.16)
      http (~> 0.0.1)
      launchy (~> 2.0)
      path (~> 1.3)
      quickl (~> 0.4.2)
      sinatra (~> 1.4)
      wlang (~> 2.1)

GEM
  remote: https://rubygems.org/
  specs:
    alf-core (0.16.3)
      domain (~> 1.0)
      myrrha (~> 3.0)
      path (~> 1.3)
      sexpr (~> 0.6.0)
    backports (2.8.2)
    citrus (3.0.2)
    coderay (1.1.2)
    diff-lcs (1.3)
    domain (1.0.0)
    ffi (1.11.1)
    formatador (0.2.5)
    guard (1.8.3)
      formatador (>= 0.2.4)
      listen (~> 1.3)
      lumberjack (>= 1.0.2)
      pry (>= 0.9.10)
      thor (>= 0.14.6)
    guard-shell (0.5.2)
      guard (>= 1.1.0)
    http (0.0.2)
    launchy (2.0.0)
    listen (1.3.1)
      rb-fsevent (>= 0.9.3)
      rb-inotify (>= 0.9)
      rb-kqueue (>= 0.2)
    lumberjack (1.0.13)
    method_source (0.9.2)
    myrrha (3.1.0)
      domain (~> 1.0)
    path (1.3.3)
    pry (0.12.2)
      coderay (~> 1.1.0)
      method_source (~> 0.9.0)
    quickl (0.4.3)
    rack (1.6.11)
    rack-protection (1.5.5)
      rack
    rack-test (0.6.3)
      rack (>= 1.0)
    rake (10.5.0)
    rb-fsevent (0.10.3)
    rb-inotify (0.10.0)
      ffi (~> 1.0)
    rb-kqueue (0.2.5)
      ffi (>= 0.5.0)
    redcarpet (2.0.1)
    rspec (2.99.0)
      rspec-core (~> 2.99.0)
      rspec-expectations (~> 2.99.0)
      rspec-mocks (~> 2.99.0)
    rspec-core (2.99.2)
    rspec-expectations (2.99.2)
      diff-lcs (>= 1.1.3, < 2.0)
    rspec-mocks (2.99.4)
    sexpr (0.6.0)
    sinatra (1.4.8)
      rack (~> 1.5)
      rack-protection (~> 1.4)
      tilt (>= 1.3, < 3)
    temple (0.8.1)
    thor (0.20.3)
    tilt (2.0.9)
    wlang (2.3.1)
      backports (~> 2.6)
      citrus (>= 2.4, < 4.0)
      path (~> 1.3)
      quickl (~> 0.4.3)
      temple (~> 0.6)

PLATFORMS
  ruby

DEPENDENCIES
  alf-core (~> 0.16.3)
  guard (~> 1.1)
  guard-shell (~> 0.5.1)
  http (~> 0.0.1)
  launchy (= 2.0)
  polygon!
  quickl (~> 0.4.2)
  rack-test (~> 0.6.1)
  rake (~> 10.0)
  redcarpet (~> 2.0.1)
  rspec (~> 2.10)
  sinatra (~> 1.4)
  wlang (~> 2.3)

BUNDLED WITH
   2.0.1
